GIT
  remote: git://github.com/pwnall/mail
  revision: d367c0827b10161d7cc42fd22237daa9a7cedafd
  ref: d367c0827b10161d7cc42fd22237daa9a7cedafd
  specs:
    mail (2.5.4)
      mime-types (>= 1.16)
      treetop (~> 1.4.8)

GEM
  remote: https://rubygems.org/
  specs:
    activemodel (4.1.6)
      activesupport (= 4.1.6)
      builder (~> 3.1)
    activesupport (4.1.6)
      i18n (~> 0.6, >= 0.6.9)
      json (~> 1.7, >= 1.7.7)
      minitest (~> 5.1)
      thread_safe (~> 0.1)
      tzinfo (~> 1.1)
    addressable (2.3.6)
    aws-sdk (1.54.0)
      aws-sdk-v1 (= 1.54.0)
    aws-sdk-v1 (1.54.0)
      json (~> 1.4)
      nokogiri (>= 1.4.4)
    builder (3.2.2)
    byebug (3.5.1)
      columnize (~> 0.8)
      debugger-linecache (~> 1.2)
      slop (~> 3.6)
    columnize (0.8.9)
    coveralls (0.7.1)
      multi_json (~> 1.3)
      rest-client
      simplecov (>= 0.7)
      term-ansicolor
      thor
    crack (0.4.2)
      safe_yaml (~> 1.0.0)
    debugger-linecache (1.2.0)
    diff-lcs (1.2.5)
    docile (1.1.5)
    domain_name (0.5.18)
      unf (>= 0.0.5, < 1.0.0)
    dotenv (0.11.1)
      dotenv-deployment (~> 0.0.2)
    dotenv-deployment (0.0.2)
    factory_girl (4.4.0)
      activesupport (>= 3.0.0)
    faraday (0.9.0)
      multipart-post (>= 1.2, < 3)
    http-cookie (1.0.2)
      domain_name (~> 0.5)
    httparty (0.13.1)
      json (~> 1.8)
      multi_xml (>= 0.5.2)
    i18n (0.6.11)
    json (1.8.1)
    mechanize (2.7.3)
      domain_name (~> 0.5, >= 0.5.1)
      http-cookie (~> 1.0)
      mime-types (~> 2.0)
      net-http-digest_auth (~> 1.1, >= 1.1.1)
      net-http-persistent (~> 2.5, >= 2.5.2)
      nokogiri (~> 1.4)
      ntlm-http (~> 0.1, >= 0.1.1)
      webrobots (>= 0.0.9, < 0.2)
    metaclass (0.0.4)
    mime-types (2.2)
    mini_portile (0.5.3)
    minitest (5.4.2)
    mocha (1.1.0)
      metaclass (~> 0.0.1)
    multi_json (1.10.1)
    multi_xml (0.5.5)
    multipart-post (2.0.0)
    net-http-digest_auth (1.4)
    net-http-persistent (2.9.4)
    netrc (0.7.7)
    nokogiri (1.6.1)
      mini_portile (~> 0.5.0)
    ntlm-http (0.1.1)
    polyglot (0.3.4)
    rest-client (1.7.2)
      mime-types (>= 1.16, < 3.0)
      netrc (~> 0.7)
    retriable (1.4.1)
    rspec (3.1.0)
      rspec-core (~> 3.1.0)
      rspec-expectations (~> 3.1.0)
      rspec-mocks (~> 3.1.0)
    rspec-core (3.1.5)
      rspec-support (~> 3.1.0)
    rspec-expectations (3.1.2)
      diff-lcs (>= 1.2.0, < 2.0)
      rspec-support (~> 3.1.0)
    rspec-mocks (3.1.2)
      rspec-support (~> 3.1.0)
    rspec-support (3.1.1)
    safe_yaml (1.0.4)
    sentry-raven (0.10.1)
      faraday (>= 0.7.6)
      uuidtools
    simplecov (0.9.0)
      docile (~> 1.1.0)
      multi_json
      simplecov-html (~> 0.8.0)
    simplecov-html (0.8.0)
    slop (3.6.0)
    term-ansicolor (1.3.0)
      tins (~> 1.0)
    thor (0.19.1)
    thread_safe (0.3.4)
    tins (1.1.0)
    treetop (1.4.15)
      polyglot
      polyglot (>= 0.3.1)
    tzinfo (1.2.2)
      thread_safe (~> 0.1)
    unf (0.1.4)
      unf_ext
    unf_ext (0.0.6)
    uuidtools (2.1.5)
    vcr (2.9.3)
    webmock (1.19.0)
      addressable (>= 2.3.6)
      crack (>= 0.3.2)
    webrobots (0.1.1)

PLATFORMS
  ruby

DEPENDENCIES
  activemodel (~> 4.1.6)
  activesupport (~> 4.1.6)
  aws-sdk (~> 1.54.0)
  byebug (~> 3.5.1)
  coveralls (~> 0.7.1)
  dotenv (~> 0.11.1)
  factory_girl (~> 4.4.0)
  httparty (~> 0.13.1)
  mail!
  mechanize (~> 2.7.3)
  mocha (~> 1.1.0)
  retriable (~> 1.4.1)
  rspec (~> 3.1.0)
  sentry-raven (~> 0.10.1)
  vcr (~> 2.9.3)
  webmock (~> 1.19.0)
